GEM
  remote: https://rubygems.org/
  specs:
    md2review (1.11.0)
      redcarpet (> 2.0.0)
    redcarpet (3.4.0)
    review (2.2.0)
      rouge
      rubyzip
    review-peg (0.2.2)
    rouge (3.0.0)
    rubyzip (1.2.1)

PLATFORMS
  ruby

DEPENDENCIES
  md2review (= 1.11.0)
  review (= 2.2.0)
  review-peg (= 0.2.2)

BUNDLED WITH
   1.15.4
